STORAGE: NONE
RESTRICTION: == net6.0
NUGET
  remote: https://api.nuget.org/v3/index.json
    Dapper (2.0.123)
    FSharp.Control.Websockets (0.2.2)
      FSharp.Core (>= 4.3.4)
      Microsoft.IO.RecyclableMemoryStream (>= 1.2.2)
    FSharp.Core (6.0.3)
    Giraffe (5.0)
      FSharp.Core (>= 5.0)
      Giraffe.ViewEngine (>= 1.3)
      Microsoft.IO.RecyclableMemoryStream (>= 1.3.6)
      Newtonsoft.Json (>= 12.0.3)
      Ply (>= 0.3.1)
      System.Text.Json (>= 5.0.2)
      Utf8Json (>= 1.3.7)
    Giraffe.ViewEngine (1.4)
      FSharp.Core (>= 5.0)
    Microsoft.AspNetCore.Authentication.JwtBearer (6.0.3)
      Microsoft.IdentityModel.Protocols.OpenIdConnect (>= 6.10)
    Microsoft.CSharp (4.7)
    Microsoft.Data.Sqlite (6.0.3)
      Microsoft.Data.Sqlite.Core (>= 6.0.3)
      SQLitePCLRaw.bundle_e_sqlite3 (>= 2.0.6)
    Microsoft.Data.Sqlite.Core (6.0.3)
      SQLitePCLRaw.core (>= 2.0.6)
    Microsoft.IdentityModel.JsonWebTokens (6.16)
      Microsoft.IdentityModel.Tokens (>= 6.16)
    Microsoft.IdentityModel.Logging (6.16)
    Microsoft.IdentityModel.Protocols (6.16)
      Microsoft.IdentityModel.Logging (>= 6.16)
      Microsoft.IdentityModel.Tokens (>= 6.16)
    Microsoft.IdentityModel.Protocols.OpenIdConnect (6.16)
      Microsoft.IdentityModel.Protocols (>= 6.16)
      System.IdentityModel.Tokens.Jwt (>= 6.16)
    Microsoft.IdentityModel.Tokens (6.16)
      Microsoft.CSharp (>= 4.5)
      Microsoft.IdentityModel.Logging (>= 6.16)
      System.Security.Cryptography.Cng (>= 4.5)
    Microsoft.IO.RecyclableMemoryStream (2.2)
    Newtonsoft.Json (13.0.1)
    Ply (0.3.1)
      FSharp.Core (>= 4.6.2)
      System.Threading.Tasks.Extensions (>= 4.5.4)
    Saturn (0.15)
      FSharp.Control.Websockets (>= 0.2.2)
      FSharp.Core (>= 5.0.1)
      Giraffe (>= 5.0)
      Microsoft.AspNetCore.Authentication.JwtBearer (>= 5.0.7)
    Simple.Migrations (0.9.21)
    SQLitePCLRaw.bundle_e_sqlite3 (2.0.7)
      SQLitePCLRaw.core (>= 2.0.7)
      SQLitePCLRaw.lib.e_sqlite3 (>= 2.0.7)
      SQLitePCLRaw.provider.e_sqlite3 (>= 2.0.7)
    SQLitePCLRaw.core (2.0.7)
      System.Memory (>= 4.5.3)
    SQLitePCLRaw.lib.e_sqlite3 (2.0.7)
    SQLitePCLRaw.provider.e_sqlite3 (2.0.7)
      SQLitePCLRaw.core (>= 2.0.7)
    System.Formats.Asn1 (6.0)
    System.IdentityModel.Tokens.Jwt (6.16)
      Microsoft.IdentityModel.JsonWebTokens (>= 6.16)
      Microsoft.IdentityModel.Tokens (>= 6.16)
    System.Memory (4.5.4)
    System.Reflection.Emit (4.7)
    System.Reflection.Emit.Lightweight (4.7)
    System.Runtime.CompilerServices.Unsafe (6.0)
    System.Security.Cryptography.Cng (5.0)
      System.Formats.Asn1 (>= 5.0)
    System.Text.Encodings.Web (6.0)
      System.Runtime.CompilerServices.Unsafe (>= 6.0)
    System.Text.Json (6.0.2)
      System.Runtime.CompilerServices.Unsafe (>= 6.0)
      System.Text.Encodings.Web (>= 6.0)
    System.Threading.Tasks.Extensions (4.5.4)
    System.ValueTuple (4.5)
    Utf8Json (1.3.7)
      System.Reflection.Emit (>= 4.3)
      System.Reflection.Emit.Lightweight (>= 4.3)
      System.Threading.Tasks.Extensions (>= 4.4)
      System.ValueTuple (>= 4.4)

GROUP Build
STORAGE: NONE
RESTRICTION: == netstandard2.0
NUGET
  remote: https://api.nuget.org/v3/index.json
    BlackFox.VsWhere (1.1)
      FSharp.Core (>= 4.2.3)
      Microsoft.Win32.Registry (>= 4.7)
    Fake.Core.CommandLineParsing (5.22)
      FParsec (>= 1.1.1)
      FSharp.Core (>= 6.0)
    Fake.Core.Context (5.22)
      FSharp.Core (>= 6.0)
    Fake.Core.Environment (5.22)
      FSharp.Core (>= 6.0)
    Fake.Core.FakeVar (5.22)
      Fake.Core.Context (>= 5.22)
      FSharp.Core (>= 6.0)
    Fake.Core.Process (5.22)
      Fake.Core.Environment (>= 5.22)
      Fake.Core.FakeVar (>= 5.22)
      Fake.Core.String (>= 5.22)
      Fake.Core.Trace (>= 5.22)
      Fake.IO.FileSystem (>= 5.22)
      FSharp.Core (>= 6.0)
      System.Collections.Immutable (>= 5.0)
    Fake.Core.SemVer (5.22)
      FSharp.Core (>= 6.0)
    Fake.Core.String (5.22)
      FSharp.Core (>= 6.0)
    Fake.Core.Target (5.22)
      Fake.Core.CommandLineParsing (>= 5.22)
      Fake.Core.Context (>= 5.22)
      Fake.Core.Environment (>= 5.22)
      Fake.Core.FakeVar (>= 5.22)
      Fake.Core.Process (>= 5.22)
      Fake.Core.String (>= 5.22)
      Fake.Core.Trace (>= 5.22)
      FSharp.Control.Reactive (>= 5.0.2)
      FSharp.Core (>= 6.0)
    Fake.Core.Tasks (5.22)
      Fake.Core.Trace (>= 5.22)
      FSharp.Core (>= 6.0)
    Fake.Core.Trace (5.22)
      Fake.Core.Environment (>= 5.22)
      Fake.Core.FakeVar (>= 5.22)
      FSharp.Core (>= 6.0)
    Fake.Core.Xml (5.22)
      Fake.Core.String (>= 5.22)
      FSharp.Core (>= 6.0)
    Fake.DotNet.Cli (5.22)
      Fake.Core.Environment (>= 5.22)
      Fake.Core.Process (>= 5.22)
      Fake.Core.String (>= 5.22)
      Fake.Core.Trace (>= 5.22)
      Fake.DotNet.MSBuild (>= 5.22)
      Fake.DotNet.NuGet (>= 5.22)
      Fake.IO.FileSystem (>= 5.22)
      FSharp.Core (>= 6.0)
      Mono.Posix.NETStandard (>= 1.0)
      Newtonsoft.Json (>= 13.0.1)
    Fake.DotNet.MSBuild (5.22)
      BlackFox.VsWhere (>= 1.1)
      Fake.Core.Environment (>= 5.22)
      Fake.Core.Process (>= 5.22)
      Fake.Core.String (>= 5.22)
      Fake.Core.Trace (>= 5.22)
      Fake.IO.FileSystem (>= 5.22)
      FSharp.Core (>= 6.0)
      MSBuild.StructuredLogger (>= 2.1.545)
    Fake.DotNet.NuGet (5.22)
      Fake.Core.Environment (>= 5.22)
      Fake.Core.Process (>= 5.22)
      Fake.Core.SemVer (>= 5.22)
      Fake.Core.String (>= 5.22)
      Fake.Core.Tasks (>= 5.22)
      Fake.Core.Trace (>= 5.22)
      Fake.Core.Xml (>= 5.22)
      Fake.IO.FileSystem (>= 5.22)
      Fake.Net.Http (>= 5.22)
      FSharp.Core (>= 6.0)
      Newtonsoft.Json (>= 13.0.1)
      NuGet.Protocol (>= 5.11)
    Fake.IO.FileSystem (5.22)
      Fake.Core.String (>= 5.22)
      FSharp.Core (>= 6.0)
    Fake.Net.Http (5.22)
      Fake.Core.Trace (>= 5.22)
      FSharp.Core (>= 6.0)
    FParsec (1.1.1)
      FSharp.Core (>= 4.3.4)
    FSharp.Control.Reactive (5.0.2)
      FSharp.Core (>= 4.7.2)
      System.Reactive (>= 5.0)
    FSharp.Core (6.0.3)
    Microsoft.Build (17.1)
    Microsoft.Build.Framework (17.1)
      Microsoft.Win32.Registry (>= 4.3)
      System.Security.Permissions (>= 4.7)
    Microsoft.Build.Tasks.Core (17.1)
      Microsoft.Build.Framework (>= 17.1)
      Microsoft.Build.Utilities.Core (>= 17.1)
      Microsoft.NET.StringTools (>= 1.0)
      Microsoft.Win32.Registry (>= 4.3)
      System.CodeDom (>= 4.4)
      System.Collections.Immutable (>= 5.0)
      System.Reflection.Metadata (>= 1.6)
      System.Resources.Extensions (>= 4.6)
      System.Security.Cryptography.Pkcs (>= 4.7)
      System.Security.Cryptography.Xml (>= 4.7)
      System.Security.Permissions (>= 4.7)
      System.Threading.Tasks.Dataflow (>= 6.0)
    Microsoft.Build.Utilities.Core (17.1)
      Microsoft.Build.Framework (>= 17.1)
      Microsoft.NET.StringTools (>= 1.0)
      Microsoft.Win32.Registry (>= 4.3)
      System.Collections.Immutable (>= 5.0)
      System.Configuration.ConfigurationManager (>= 4.7)
      System.Security.Permissions (>= 4.7)
      System.Text.Encoding.CodePages (>= 4.0.1)
    Microsoft.NET.StringTools (1.0)
      System.Memory (>= 4.5.4)
      System.Runtime.CompilerServices.Unsafe (>= 5.0)
    Microsoft.NETCore.Platforms (6.0.2)
    Microsoft.NETCore.Targets (5.0)
    Microsoft.Win32.Registry (5.0)
      System.Buffers (>= 4.5.1)
      System.Memory (>= 4.5.4)
      System.Security.AccessControl (>= 5.0)
      System.Security.Principal.Windows (>= 5.0)
    Mono.Posix.NETStandard (1.0)
    MSBuild.StructuredLogger (2.1.630)
      Microsoft.Build (>= 16.10)
      Microsoft.Build.Framework (>= 16.10)
      Microsoft.Build.Tasks.Core (>= 16.10)
      Microsoft.Build.Utilities.Core (>= 16.10)
    Newtonsoft.Json (13.0.1)
    NuGet.Common (6.1)
      NuGet.Frameworks (>= 6.1)
    NuGet.Configuration (6.1)
      NuGet.Common (>= 6.1)
      System.Security.Cryptography.ProtectedData (>= 4.4)
    NuGet.Frameworks (6.1)
    NuGet.Packaging (6.1)
      Newtonsoft.Json (>= 13.0.1)
      NuGet.Configuration (>= 6.1)
      NuGet.Versioning (>= 6.1)
      System.Security.Cryptography.Cng (>= 5.0)
      System.Security.Cryptography.Pkcs (>= 5.0)
    NuGet.Protocol (6.1)
      NuGet.Packaging (>= 6.1)
    NuGet.Versioning (6.1)
    System.Buffers (4.5.1)
    System.CodeDom (6.0)
    System.Collections.Immutable (6.0)
      System.Memory (>= 4.5.4)
      System.Runtime.CompilerServices.Unsafe (>= 6.0)
    System.Configuration.ConfigurationManager (6.0)
      System.Security.Cryptography.ProtectedData (>= 6.0)
      System.Security.Permissions (>= 6.0)
    System.Formats.Asn1 (6.0)
      System.Buffers (>= 4.5.1)
      System.Memory (>= 4.5.4)
    System.Memory (4.5.4)
      System.Buffers (>= 4.5.1)
      System.Numerics.Vectors (>= 4.4)
      System.Runtime.CompilerServices.Unsafe (>= 4.5.3)
    System.Numerics.Vectors (4.5)
    System.Reactive (5.0)
      System.Runtime.InteropServices.WindowsRuntime (>= 4.3)
      System.Threading.Tasks.Extensions (>= 4.5.4)
    System.Reflection.Metadata (6.0.1)
      System.Collections.Immutable (>= 6.0)
    System.Resources.Extensions (6.0)
      System.Memory (>= 4.5.4)
    System.Runtime (4.3.1)
      Microsoft.NETCore.Platforms (>= 1.1.1)
      Microsoft.NETCore.Targets (>= 1.1.3)
    System.Runtime.CompilerServices.Unsafe (6.0)
    System.Runtime.InteropServices.WindowsRuntime (4.3)
      System.Runtime (>= 4.3)
    System.Security.AccessControl (6.0)
      System.Security.Principal.Windows (>= 5.0)
    System.Security.Cryptography.Cng (5.0)
    System.Security.Cryptography.Pkcs (6.0)
      System.Buffers (>= 4.5.1)
      System.Formats.Asn1 (>= 6.0)
      System.Memory (>= 4.5.4)
      System.Security.Cryptography.Cng (>= 5.0)
    System.Security.Cryptography.ProtectedData (6.0)
      System.Memory (>= 4.5.4)
    System.Security.Cryptography.Xml (6.0)
      System.Memory (>= 4.5.4)
      System.Security.AccessControl (>= 6.0)
      System.Security.Cryptography.Pkcs (>= 6.0)
    System.Security.Permissions (6.0)
      System.Security.AccessControl (>= 6.0)
    System.Security.Principal.Windows (5.0)
    System.Text.Encoding.CodePages (6.0)
      System.Memory (>= 4.5.4)
      System.Runtime.CompilerServices.Unsafe (>= 6.0)
    System.Threading.Tasks.Dataflow (6.0)
    System.Threading.Tasks.Extensions (4.5.4)
      System.Runtime.CompilerServices.Unsafe (>= 4.5.3)
